PATH
  remote: .
  specs:
    vae (0.6.10)
      chunky_png
      compass
      directory_watcher
      haml
      highline
      json
      mongrel (= 1.2.0.pre2)
      sass
      spawnling

GEM
  remote: https://rubygems.org/
  specs:
    chunky_png (1.3.5)
    compass (1.0.3)
      chunky_png (~> 1.2)
      compass-core (~> 1.0.2)
      compass-import-once (~> 1.0.5)
      rb-fsevent (>= 0.9.3)
      rb-inotify (>= 0.9)
      sass (>= 3.3.13, < 3.5)
    compass-core (1.0.3)
      multi_json (~> 1.0)
      sass (>= 3.3.0, < 3.5)
    compass-import-once (1.0.5)
      sass (>= 3.2, < 3.5)
    daemons (1.0.10)
    directory_watcher (1.5.1)
    ffi (1.9.10)
    gem_plugin (0.2.3)
    haml (4.0.7)
      tilt
    highline (1.7.8)
    json (1.8.3)
    mongrel (1.2.0.pre2)
      daemons (~> 1.0.10)
      gem_plugin (~> 0.2.3)
    multi_json (1.11.2)
    rb-fsevent (0.9.7)
    rb-inotify (0.9.7)
      ffi (>= 0.5.0)
    sass (3.4.22)
    spawnling (2.1.6)
    tilt (2.0.2)

PLATFORMS
  ruby

DEPENDENCIES
  vae!

BUNDLED WITH
   1.11.2
